PATH
  remote: vendor/gems/authorize-net-1.5.2
  specs:
    authorize-net (1.5.2)

GEM
  remote: http://rubygems.org/
  specs:
    RedCloth (4.2.8)
    actionmailer (3.2.13)
      actionpack (= 3.2.13)
      mail (~> 2.5.3)
    actionpack (3.2.13)
      activemodel (= 3.2.13)
      activesupport (= 3.2.13)
      builder (~> 3.0.0)
      erubis (~> 2.7.0)
      journey (~> 1.0.4)
      rack (~> 1.4.5)
      rack-cache (~> 1.2)
      rack-test (~> 0.6.1)
      sprockets (~> 2.2.1)
    activemodel (3.2.13)
      activesupport (= 3.2.13)
      builder (~> 3.0.0)
    activerecord (3.2.13)
      activemodel (= 3.2.13)
      activesupport (= 3.2.13)
      arel (~> 3.0.2)
      tzinfo (~> 0.3.29)
    activeresource (3.2.13)
      activemodel (= 3.2.13)
      activesupport (= 3.2.13)
    activesupport (3.2.13)
      i18n (= 0.6.1)
      multi_json (~> 1.0)
    acts-as-taggable-on (2.2.2)
      rails (~> 3.0)
    addressable (2.2.6)
    airbrake (3.1.15)
      builder
      multi_json
    arel (3.0.2)
    bcrypt-ruby (2.1.4)
    builder (3.0.4)
    cancan (1.6.7)
    capybara (1.1.2)
      mime-types (>= 1.16)
      nokogiri (>= 1.3.3)
      rack (>= 1.0.0)
      rack-test (>= 0.5.4)
      selenium-webdriver (~> 2.0)
      xpath (~> 0.1.4)
    carrierwave (0.5.7)
      activesupport (~> 3.0)
    childprocess (0.3.0)
      ffi (~> 1.0.6)
    crack (0.3.1)
    csv_builder (2.1.0)
      actionpack (>= 3.0.0)
    cucumber (1.1.4)
      builder (>= 2.1.2)
      diff-lcs (>= 1.1.2)
      gherkin (~> 2.7.1)
      json (>= 1.4.6)
      term-ansicolor (>= 1.0.6)
    cucumber-rails (1.2.1)
      capybara (>= 1.1.2)
      cucumber (>= 1.1.3)
      nokogiri (>= 1.5.0)
    daemons (1.1.4)
    database_cleaner (0.9.1)
    delayed_job (2.1.4)
      activesupport (~> 3.0)
      daemons
    diff-lcs (1.1.3)
    email_spec (1.2.1)
      mail (~> 2.2)
      rspec (~> 2.0)
    erubis (2.7.0)
    eventmachine (1.0.3)
    excon (0.6.6)
    factory_girl (2.5.2)
      activesupport (>= 2.3.9)
    factory_girl_rails (1.6.0)
      factory_girl (~> 2.5.0)
      railties (>= 3.0.0)
    faye-websocket (0.4.7)
      eventmachine (>= 0.12.0)
    ffi (1.0.11)
    figaro (0.4.1)
      rails (~> 3.0)
    fog (0.11.0)
      builder
      excon (~> 0.6.5)
      formatador (~> 0.2.0)
      mime-types
      multi_json (~> 1.0.3)
      net-scp (~> 1.0.4)
      net-ssh (~> 2.1.4)
      nokogiri (~> 1.5.0)
      ruby-hmac
    foreman (0.46.0)
      thor (>= 0.13.6)
    forgery (0.5.0)
    formatador (0.2.1)
    geocoder (1.1.6)
    gherkin (2.7.4)
      json (>= 1.4.6)
    gibbon (0.3.0)
      activesupport (> 3.0.0)
      httparty (> 0.6.0)
      json (> 1.4.0)
    gmaps4rails (1.3.1)
      crack
    guard (1.0.3)
      ffi (>= 0.5.0)
      thor (>= 0.14.6)
    guard-bundler (0.1.3)
      bundler (>= 1.0.0)
      guard (>= 0.2.2)
    guard-cucumber (0.7.5)
      cucumber (>= 0.10)
      guard (>= 0.8.3)
    guard-pow (0.2.1)
      guard (>= 0.3.0)
    guard-rspec (0.7.3)
      guard (>= 0.10.0)
    heroku (2.18.1)
      launchy (>= 0.3.2)
      rest-client (~> 1.6.1)
      rubyzip
      term-ansicolor (~> 1.0.5)
    hike (1.2.1)
    http_parser.rb (0.5.3)
    httparty (0.8.1)
      multi_json
      multi_xml
    i18n (0.6.1)
    journey (1.0.4)
    jquery-rails (1.0.16)
      railties (~> 3.0)
      thor (~> 0.14)
    json (1.7.7)
    json_pure (1.6.5)
    kelp (0.2.3)
      capybara (>= 0.4.0)
    launchy (2.0.5)
      addressable (~> 2.2.6)
    mail (2.5.3)
      i18n (>= 0.4.0)
      mime-types (~> 1.16)
      treetop (~> 1.4.8)
    metaclass (0.0.1)
    mime-types (1.21)
    mocha (0.13.3)
      metaclass (~> 0.0.1)
    multi_json (1.0.4)
    multi_xml (0.4.1)
    mysql2 (0.3.11)
    net-scp (1.0.4)
      net-ssh (>= 1.99.1)
    net-ssh (2.1.4)
    newrelic_rpm (3.5.5.38)
    nokogiri (1.5.0)
    poltergeist (1.0.3)
      capybara (~> 1.1)
      childprocess (~> 0.3)
      faye-websocket (~> 0.4.4)
      http_parser.rb (~> 0.5.3)
      multi_json (~> 1.0)
    polyglot (0.3.3)
    rack (1.4.5)
    rack-cache (1.2)
      rack (>= 0.4)
    rack-ssl (1.3.3)
      rack
    rack-test (0.6.2)
      rack (>= 1.0)
    rails (3.2.13)
      actionmailer (= 3.2.13)
      actionpack (= 3.2.13)
      activerecord (= 3.2.13)
      activeresource (= 3.2.13)
      activesupport (= 3.2.13)
      bundler (~> 1.0)
      railties (= 3.2.13)
    rails-footnotes (3.7.5)
      rails (>= 3.0.0)
    railties (3.2.13)
      actionpack (= 3.2.13)
      activesupport (= 3.2.13)
      rack-ssl (~> 1.3.2)
      rake (>= 0.8.7)
      rdoc (~> 3.4)
      thor (>= 0.14.6, < 2.0)
    rake (10.0.3)
    rb-fsevent (0.9.1)
    rdoc (3.12.2)
      json (~> 1.4)
    rest-client (1.6.7)
      mime-types (>= 1.16)
    rspec (2.12.0)
      rspec-core (~> 2.12.0)
      rspec-expectations (~> 2.12.0)
      rspec-mocks (~> 2.12.0)
    rspec-core (2.12.2)
    rspec-expectations (2.12.1)
      diff-lcs (~> 1.1.3)
    rspec-mocks (2.12.1)
    rspec-rails (2.12.0)
      actionpack (>= 3.0)
      activesupport (>= 3.0)
      railties (>= 3.0)
      rspec-core (~> 2.12.0)
      rspec-expectations (~> 2.12.0)
      rspec-mocks (~> 2.12.0)
    ruby-hmac (0.4.0)
    ruby_gntp (0.3.4)
    rubyzip (0.9.5)
    sass (3.1.15)
    selenium-webdriver (2.13.0)
      childprocess (>= 0.2.1)
      ffi (~> 1.0.9)
      json_pure
      rubyzip
    shoulda (3.0.1)
      shoulda-context (~> 1.0.0)
      shoulda-matchers (~> 1.0.0)
    shoulda-context (1.0.0)
    shoulda-matchers (1.0.0)
    simplecov (0.4.2)
      simplecov-html (~> 0.4.4)
    simplecov-html (0.4.5)
    sprockets (2.2.2)
      hike (~> 1.2)
      multi_json (~> 1.0)
      rack (~> 1.0)
      tilt (~> 1.1, != 1.3.0)
    term-ansicolor (1.0.7)
    thin (1.5.1)
      daemons (>= 1.0.9)
      eventmachine (>= 0.12.6)
      rack (>= 1.0.0)
    thor (0.17.0)
    tilt (1.3.6)
    timecop (0.3.5)
    treetop (1.4.12)
      polyglot
      polyglot (>= 0.3.1)
    tzinfo (0.3.37)
    xpath (0.1.4)
      nokogiri (~> 1.3)

PLATFORMS
  ruby

DEPENDENCIES
  RedCloth
  acts-as-taggable-on (>= 2.2.2)
  airbrake
  authorize-net (= 1.5.2)!
  bcrypt-ruby (= 2.1.4)
  cancan (= 1.6.7)
  capybara
  carrierwave (= 0.5.7)
  csv_builder
  cucumber-rails
  database_cleaner
  delayed_job
  email_spec
  factory_girl (~> 2.5.1)
  factory_girl_rails
  figaro
  fog (= 0.11.0)
  foreman
  forgery
  geocoder
  gibbon (= 0.3.0)
  gmaps4rails (= 1.3.1)
  guard
  guard-bundler
  guard-cucumber
  guard-pow
  guard-rspec
  heroku
  jquery-rails
  kelp
  launchy
  mocha
  mysql2 (>= 0.3.11)
  newrelic_rpm
  poltergeist
  rack-ssl
  rails (~> 3.2.3)
  rails-footnotes (>= 3.7)
  rb-fsevent
  rspec-rails
  ruby_gntp
  sass
  shoulda
  simplecov
  thin
  timecop
