GEM
  remote: http://rubygems.org/
  specs:
    RedCloth (4.2.9)
    actionmailer (4.2.11.1)
      actionpack (= 4.2.11.1)
      actionview (= 4.2.11.1)
      activejob (= 4.2.11.1)
      mail (~> 2.5, >= 2.5.4)
      rails-dom-testing (~> 1.0, >= 1.0.5)
    actionpack (4.2.11.1)
      actionview (= 4.2.11.1)
      activesupport (= 4.2.11.1)
      rack (~> 1.6)
      rack-test (~> 0.6.2)
      rails-dom-testing (~> 1.0, >= 1.0.5)
      rails-html-sanitizer (~> 1.0, >= 1.0.2)
    actionview (4.2.11.1)
      activesupport (= 4.2.11.1)
      builder (~> 3.1)
      erubis (~> 2.7.0)
      rails-dom-testing (~> 1.0, >= 1.0.5)
      rails-html-sanitizer (~> 1.0, >= 1.0.3)
    activejob (4.2.11.1)
      activesupport (= 4.2.11.1)
      globalid (>= 0.3.0)
    activemodel (4.2.11.1)
      activesupport (= 4.2.11.1)
      builder (~> 3.1)
    activerecord (4.2.11.1)
      activemodel (= 4.2.11.1)
      activesupport (= 4.2.11.1)
      arel (~> 6.0)
    activerecord-import (1.0.2)
      activerecord (>= 3.2)
    activesupport (4.2.11.1)
      i18n (~> 0.7)
      minitest (~> 5.1)
      thread_safe (~> 0.3, >= 0.3.4)
      tzinfo (~> 1.1)
    acts-as-taggable-on (3.5.0)
      activerecord (>= 3.2, < 5)
    addressable (2.7.0)
      public_suffix (>= 2.0.2, < 5.0)
    airbrake (3.1.15)
      builder
      multi_json
    arel (6.0.4)
    authorizenet (1.8.2)
      nokogiri (>= 1.4.3)
    awesome_print (1.2.0)
    bcrypt (3.1.13)
    better_errors (0.9.0)
      coderay (>= 1.0.0)
      erubis (>= 2.6.6)
    binding_of_caller (0.7.2)
      debug_inspector (>= 0.0.1)
    builder (3.2.3)
    cancan (1.6.7)
    capybara (2.18.0)
      addressable
      mini_mime (>= 0.1.3)
      nokogiri (>= 1.3.3)
      rack (>= 1.0.0)
      rack-test (>= 0.5.4)
      xpath (>= 2.0, < 4.0)
    carrierwave (1.3.1)
      activemodel (>= 4.0.0)
      activesupport (>= 4.0.0)
      mime-types (>= 1.16)
    childprocess (1.0.1)
      rake (< 13.0)
    coderay (1.0.9)
    coffee-rails (4.0.1)
      coffee-script (>= 2.2.0)
      railties (>= 4.0.0, < 5.0)
    coffee-script (2.2.0)
      coffee-script-source
      execjs
    coffee-script-source (1.7.0)
    concurrent-ruby (1.1.5)
    crack (0.4.3)
      safe_yaml (~> 1.0.0)
    crass (1.0.5)
    csv_builder (2.1.1)
      actionpack (>= 3.0.0)
    cucumber (2.4.0)
      builder (>= 2.1.2)
      cucumber-core (~> 1.5.0)
      cucumber-wire (~> 0.0.1)
      diff-lcs (>= 1.1.3)
      gherkin (~> 4.0)
      multi_json (>= 1.7.5, < 2.0)
      multi_test (>= 0.1.2)
    cucumber-core (1.5.0)
      gherkin (~> 4.0)
    cucumber-rails (1.5.0)
      capybara (>= 1.1.2, < 3)
      cucumber (>= 1.3.8, < 4)
      mime-types (>= 1.17, < 4)
      nokogiri (~> 1.5)
      railties (>= 4, < 5.2)
    cucumber-wire (0.0.1)
    daemons (1.2.2)
    database_cleaner (1.7.0)
    debug_inspector (0.0.2)
    delayed_job (4.0.6)
      activesupport (>= 3.0, < 5.0)
    delayed_job_active_record (4.0.3)
      activerecord (>= 3.0, < 5.0)
      delayed_job (>= 3.0, < 4.1)
    diff-lcs (1.3)
    docile (1.1.3)
    email_spec (2.2.0)
      htmlentities (~> 4.3.3)
      launchy (~> 2.1)
      mail (~> 2.7)
    erubis (2.7.0)
    eventmachine (1.2.7)
    excon (0.32.1)
    execjs (2.0.2)
    factory_girl (3.6.2)
      activesupport (>= 3.0.0)
    factory_girl_rails (3.6.0)
      factory_girl (~> 3.6.0)
      railties (>= 3.0.0)
    faraday (0.8.9)
      multipart-post (~> 1.2.0)
    faraday_middleware (0.9.1)
      faraday (>= 0.7.4, < 0.10)
    ffi (1.9.3)
    figaro (1.1.1)
      thor (~> 0.14)
    fog (1.21.0)
      fog-brightbox
      fog-core (~> 1.21, >= 1.21.1)
      fog-json
      nokogiri (~> 1.5, >= 1.5.11)
    fog-brightbox (0.0.2)
      fog-core
      fog-json
    fog-core (1.21.1)
      builder
      excon (~> 0.32)
      formatador (~> 0.2.0)
      mime-types
      net-scp (~> 1.1)
      net-ssh (>= 2.1.3)
    fog-json (1.0.0)
      multi_json (~> 1.0)
    foreman (0.46.0)
      thor (>= 0.13.6)
    forgery (0.5.0)
    formatador (0.2.4)
    geocoder (1.1.9)
    gherkin (4.1.3)
    gibbon (0.3.0)
      activesupport (> 3.0.0)
      httparty (> 0.6.0)
      json (> 1.4.0)
    globalid (0.4.2)
      activesupport (>= 4.2.0)
    gmaps4rails (1.5.7)
    guard (1.0.3)
      ffi (>= 0.5.0)
      thor (>= 0.14.6)
    guard-bundler (0.1.3)
      bundler (>= 1.0.0)
      guard (>= 0.2.2)
    guard-cucumber (0.7.5)
      cucumber (>= 0.10)
      guard (>= 0.8.3)
    guard-pow (0.2.1)
      guard (>= 0.3.0)
    guard-rspec (0.7.3)
      guard (>= 0.10.0)
    hashdiff (1.0.0)
    hashie (2.0.5)
    htmlentities (4.3.4)
    httparty (0.8.1)
      multi_json
      multi_xml
    i18n (0.9.5)
      concurrent-ruby (~> 1.0)
    jquery-rails (2.1.4)
      railties (>= 3.0, < 5.0)
      thor (>= 0.14, < 2.0)
    json (1.8.6)
    kelp (0.2.5)
      capybara (>= 2.0)
    launchy (2.4.3)
      addressable (~> 2.3)
    loofah (2.3.1)
      crass (~> 1.0.2)
      nokogiri (>= 1.5.9)
    mail (2.7.1)
      mini_mime (>= 0.1.1)
    metaclass (0.0.1)
    mime-types (3.3)
      mime-types-data (~> 3.2015)
    mime-types-data (3.2019.0904)
    mini_mime (1.0.2)
    mini_portile2 (2.4.0)
    minitest (5.13.0)
    mocha (0.13.3)
      metaclass (~> 0.0.1)
    multi_json (1.13.1)
    multi_test (0.1.2)
    multi_xml (0.4.1)
    multipart-post (1.2.0)
    mustache (0.99.5)
    mysql2 (0.5.3)
    net-scp (1.1.2)
      net-ssh (>= 2.6.5)
    net-ssh (2.8.0)
    newrelic_rpm (6.7.0.359)
    nio4r (2.5.8)
    nokogiri (1.10.4)
      mini_portile2 (~> 2.4.0)
    power_assert (1.1.5)
    protected_attributes (1.1.4)
      activemodel (>= 4.0.1, < 5.0)
    public_suffix (4.0.1)
    puma (4.3.9)
      nio4r (~> 2.0)
    rack (1.6.11)
    rack-ssl (1.4.1)
      rack
    rack-test (0.6.3)
      rack (>= 1.0)
    rails (4.2.11.1)
      actionmailer (= 4.2.11.1)
      actionpack (= 4.2.11.1)
      actionview (= 4.2.11.1)
      activejob (= 4.2.11.1)
      activemodel (= 4.2.11.1)
      activerecord (= 4.2.11.1)
      activesupport (= 4.2.11.1)
      bundler (>= 1.3.0, < 2.0)
      railties (= 4.2.11.1)
      sprockets-rails
    rails-deprecated_sanitizer (1.0.3)
      activesupport (>= 4.2.0.alpha)
    rails-dom-testing (1.0.9)
      activesupport (>= 4.2.0, < 5.0)
      nokogiri (~> 1.6)
      rails-deprecated_sanitizer (>= 1.0.1)
    rails-footnotes (4.1.8)
      rails (>= 3.2)
    rails-html-sanitizer (1.3.0)
      loofah (~> 2.3)
    rails_12factor (0.0.3)
      rails_serve_static_assets
      rails_stdout_logging
    rails_serve_static_assets (0.0.5)
    rails_stdout_logging (0.0.5)
    railties (4.2.11.1)
      actionpack (= 4.2.11.1)
      activesupport (= 4.2.11.1)
      rake (>= 0.8.7)
      thor (>= 0.18.1, < 2.0)
    rake (10.5.0)
    rb-fsevent (0.9.1)
    restforce (1.4.3)
      faraday (~> 0.8.4)
      faraday_middleware (>= 0.8.8)
      hashie (>= 1.2.0, < 2.1)
      json (>= 1.7.5, < 1.9.0)
    rspec-activemodel-mocks (1.1.0)
      activemodel (>= 3.0)
      activesupport (>= 3.0)
      rspec-mocks (>= 2.99, < 4.0)
    rspec-collection_matchers (1.2.0)
      rspec-expectations (>= 2.99.0.beta1)
    rspec-core (3.1.7)
      rspec-support (~> 3.1.0)
    rspec-expectations (3.1.2)
      diff-lcs (>= 1.2.0, < 2.0)
      rspec-support (~> 3.1.0)
    rspec-mocks (3.1.3)
      rspec-support (~> 3.1.0)
    rspec-rails (3.1.0)
      actionpack (>= 3.0)
      activesupport (>= 3.0)
      railties (>= 3.0)
      rspec-core (~> 3.1.0)
      rspec-expectations (~> 3.1.0)
      rspec-mocks (~> 3.1.0)
      rspec-support (~> 3.1.0)
    rspec-support (3.1.2)
    ruby_gntp (0.3.4)
    rubyzip (1.2.3)
    safe_yaml (1.0.5)
    sassc (2.2.1)
      ffi (~> 1.9)
    sassc-rails (2.1.2)
      railties (>= 4.0.0)
      sassc (>= 2.0)
      sprockets (> 3.0)
      sprockets-rails
      tilt
    selenium-webdriver (3.142.3)
      childprocess (>= 0.5, < 2.0)
      rubyzip (~> 1.2, >= 1.2.2)
    shoulda (3.5.0)
      shoulda-context (~> 1.0, >= 1.0.1)
      shoulda-matchers (>= 1.4.1, < 3.0)
    shoulda-context (1.1.6)
    shoulda-matchers (2.6.1)
      activesupport (>= 3.0.0)
    simple_form (3.5.1)
      actionpack (> 4, < 5.2)
      activemodel (> 4, < 5.2)
    simplecov (0.8.2)
      docile (~> 1.1.0)
      multi_json
      simplecov-html (~> 0.8.0)
    simplecov-html (0.8.0)
    sprockets (3.7.2)
      concurrent-ruby (~> 1.0)
      rack (> 1, < 3)
    sprockets-rails (3.2.1)
      actionpack (>= 4.0)
      activesupport (>= 4.0)
      sprockets (>= 3.0.0)
    test-unit (3.3.4)
      power_assert
    thin (1.5.1)
      daemons (>= 1.0.9)
      eventmachine (>= 0.12.6)
      rack (>= 1.0.0)
    thor (0.20.3)
    thread_safe (0.3.6)
    tilt (2.0.10)
    timecop (0.7.1)
    tzinfo (1.2.5)
      thread_safe (~> 0.1)
    vcr (2.9.0)
    webmock (2.3.2)
      addressable (>= 2.3.6)
      crack (>= 0.3.2)
      hashdiff
    xmlrpc (0.2.1)
    xpath (3.2.0)
      nokogiri (~> 1.8)

PLATFORMS
  ruby

DEPENDENCIES
  RedCloth
  activerecord-import (~> 1.0.2)
  acts-as-taggable-on (~> 3.5.0)
  airbrake
  authorizenet
  awesome_print
  bcrypt (= 3.1.13)
  better_errors
  binding_of_caller
  cancan (= 1.6.7)
  capybara (~> 2.18)
  carrierwave (~> 1.0)
  coffee-rails
  csv_builder
  cucumber (~> 2.4.0)
  cucumber-rails
  database_cleaner
  delayed_job (~> 4.0)
  delayed_job_active_record (~> 4.0.0)
  email_spec (~> 2.2.0)
  factory_girl (~> 3.0)
  factory_girl_rails (~> 3.0)
  figaro
  fog
  foreman
  forgery
  geocoder (~> 1.1.6)
  gibbon (= 0.3.0)
  gmaps4rails (= 1.5.7)
  guard
  guard-bundler
  guard-cucumber
  guard-pow
  guard-rspec
  jquery-rails (~> 2.1.4)
  kelp
  launchy
  minitest
  mocha
  mustache
  mysql2 (~> 0.5.3)
  newrelic_rpm
  protected_attributes
  puma
  rack-ssl
  rails (~> 4.2.11)
  rails-footnotes (~> 4.1)
  rails_12factor
  rake (< 11.0)
  rb-fsevent
  restforce
  rspec-activemodel-mocks
  rspec-collection_matchers
  rspec-rails (~> 3.1.0)
  ruby_gntp
  sassc-rails
  selenium-webdriver
  shoulda
  simple_form (~> 3.0)
  simplecov
  test-unit (~> 3.3.4)
  thin
  timecop
  vcr
  webmock (~> 2.3.1)
  xmlrpc

RUBY VERSION
   ruby 2.4.9p362

BUNDLED WITH
   1.17.3
